PATH
  remote: .
  specs:
    reflective (0.1.0)

GEM
  remote: https://rubygems.org/
  specs:
    coderay (1.1.2)
    gel (0.3.0)
    method_source (0.9.2)
    minitest (5.11.3)
    pry (0.12.2)
      coderay (~> 1.1.0)
      method_source (~> 0.9.0)
    rake (10.5.0)
    zeitwerk (2.1.6)

PLATFORMS
  ruby

DEPENDENCIES
  bundler (~> 1.17)
  gel
  minitest (~> 5.0)
  pry
  rake (~> 10.0)
  reflective!
  zeitwerk

BUNDLED WITH
   1.17.3
